PATH
  remote: vendor/gems/rubycas-client/
  specs:
    rubycas-client (2.1.0)
      activesupport

GEM
  remote: http://rubygems.org/
  specs:
    ZenTest (4.8.1)
    actionmailer (3.2.11)
      actionpack (= 3.2.11)
      mail (~> 2.4.4)
    actionpack (3.2.11)
      activemodel (= 3.2.11)
      activesupport (= 3.2.11)
      builder (~> 3.0.0)
      erubis (~> 2.7.0)
      journey (~> 1.0.4)
      rack (~> 1.4.0)
      rack-cache (~> 1.2)
      rack-test (~> 0.6.1)
      sprockets (~> 2.2.1)
    activemodel (3.2.11)
      activesupport (= 3.2.11)
      builder (~> 3.0.0)
    activerecord (3.2.11)
      activemodel (= 3.2.11)
      activesupport (= 3.2.11)
      arel (~> 3.0.2)
      tzinfo (~> 0.3.29)
    activeresource (3.2.11)
      activemodel (= 3.2.11)
      activesupport (= 3.2.11)
    activesupport (3.2.11)
      i18n (~> 0.6)
      multi_json (~> 1.0)
    airbrake (3.0.9)
      activesupport
      builder
    ansi (1.4.2)
    arel (3.0.2)
    autotest-rails (4.1.2)
      ZenTest (~> 4.5)
    aws-sdk (1.3.9)
      httparty (~> 0.7)
      json (~> 1.4)
      nokogiri (>= 1.4.4)
      uuidtools (~> 2.1)
    bcrypt-ruby (3.0.1)
    bson (1.5.2)
    bson_ext (1.5.2)
      bson (= 1.5.2)
    builder (3.0.4)
    celluloid (0.12.4)
      facter (>= 1.6.12)
      timers (>= 1.0.0)
    chunky_png (1.2.5)
    coderay (1.0.6)
    coffee-rails (3.2.2)
      coffee-script (>= 2.2.0)
      railties (~> 3.2.0)
    coffee-script (2.2.0)
      coffee-script-source
      execjs
    coffee-script-source (1.3.3)
    connection_pool (1.0.0)
    eco (1.0.0)
      coffee-script
      eco-source
      execjs
    eco-source (1.1.0.rc.1)
    erubis (2.7.0)
    execjs (1.4.0)
      multi_json (~> 1.0)
    ezcrypto (0.7.2)
    facter (1.6.17)
    factory_girl (3.4.1)
      activesupport (>= 3.0.0)
    factory_girl_rails (3.4.0)
      factory_girl (~> 3.4.0)
      railties (>= 3.0.0)
    hike (1.2.1)
    httparty (0.8.1)
      multi_json
      multi_xml
    i18n (0.6.1)
    journey (1.0.4)
    json (1.7.7)
    libv8 (3.3.10.4)
    libxml-ruby (2.2.2)
    mail (2.4.4)
      i18n (>= 0.4.0)
      mime-types (~> 1.16)
      treetop (~> 1.4.8)
    method_source (0.7.1)
    mime-types (1.20.1)
    minitest (3.1.0)
    mongo (1.5.2)
      bson (= 1.5.2)
    mongo_mapper (0.12.0)
      activemodel (~> 3.0)
      activesupport (~> 3.0)
      plucky (~> 0.5.2)
    multi_json (1.0.4)
    multi_xml (0.4.1)
    newrelic_rpm (3.3.2)
    nokogiri (1.5.4)
    oily_png (1.0.2)
      chunky_png (~> 1.2.1)
    plucky (0.5.2)
      mongo (~> 1.5)
    polyglot (0.3.3)
    pry (0.9.9.6)
      coderay (~> 1.0.5)
      method_source (~> 0.7.1)
      slop (>= 2.4.4, < 3)
    pry-rails (0.1.6)
      pry
    pusher (0.9.2)
      multi_json (~> 1.0)
      ruby-hmac (~> 0.4.0)
      signature (~> 0.1.2)
    rack (1.4.4)
    rack-cache (1.2)
      rack (>= 0.4)
    rack-protection (1.2.0)
      rack
    rack-ssl (1.3.3)
      rack
    rack-test (0.6.2)
      rack (>= 1.0)
    rails (3.2.11)
      actionmailer (= 3.2.11)
      actionpack (= 3.2.11)
      activerecord (= 3.2.11)
      activeresource (= 3.2.11)
      activesupport (= 3.2.11)
      bundler (~> 1.0)
      railties (= 3.2.11)
    railties (3.2.11)
      actionpack (= 3.2.11)
      activesupport (= 3.2.11)
      rack-ssl (~> 1.3.2)
      rake (>= 0.8.7)
      rdoc (~> 3.4)
      thor (>= 0.14.6, < 2.0)
    rake (10.0.3)
    rdoc (3.12)
      json (~> 1.4)
    redis (3.0.2)
    redis-namespace (1.2.1)
      redis (~> 3.0.0)
    rest-client (1.6.1)
      mime-types (>= 1.16)
    ruby-hmac (0.4.0)
    sass (3.1.19)
    sass-rails (3.2.4)
      railties (~> 3.2.0)
      sass (>= 3.1.10)
      tilt (~> 1.3)
    shoulda (3.0.1)
      shoulda-context (~> 1.0.0)
      shoulda-matchers (~> 1.0.0)
    shoulda-context (1.0.0)
    shoulda-matchers (1.0.0)
    sidekiq (2.7.0)
      celluloid (~> 0.12.0)
      connection_pool (~> 1.0)
      multi_json (~> 1)
      redis (~> 3)
      redis-namespace
    signature (0.1.3)
    sinatra (1.3.2)
      rack (~> 1.3, >= 1.3.6)
      rack-protection (~> 1.2)
      tilt (~> 1.3, >= 1.3.3)
    slim (1.2.1)
      temple (~> 0.4.0)
      tilt (~> 1.3.3)
    slop (2.4.4)
    spine-rails (0.1.0)
      rails (>= 3.1.0)
    sprockets (2.2.2)
      hike (~> 1.2)
      multi_json (~> 1.0)
      rack (~> 1.0)
      tilt (~> 1.1, != 1.3.0)
    state_machine (1.1.2)
    temple (0.4.0)
    therubyracer (0.9.9)
      libv8 (~> 3.3.10)
    thor (0.17.0)
    tilt (1.3.3)
    timers (1.1.0)
    treetop (1.4.12)
      polyglot
      polyglot (>= 0.3.1)
    turn (0.9.5)
      ansi
    tzinfo (0.3.35)
    uglifier (1.2.3)
      execjs (>= 0.3.0)
      multi_json (>= 1.0.2)
    uuidtools (2.1.2)

PLATFORMS
  ruby

DEPENDENCIES
  airbrake (= 3.0.9)
  autotest-rails
  aws-sdk (~> 1.3.3)
  bcrypt-ruby (= 3.0.1)
  bson (= 1.5.2)
  bson_ext (= 1.5.2)
  coffee-rails (= 3.2.2)
  eco (= 1.0.0)
  ezcrypto (= 0.7.2)
  factory_girl_rails
  httparty (= 0.8.1)
  json (= 1.7.7)
  libxml-ruby (= 2.2.2)
  minitest
  mongo_mapper (= 0.12.0)
  multi_json (= 1.0.4)
  multi_xml (= 0.4.1)
  newrelic_rpm (= 3.3.2)
  oily_png
  pry
  pry-rails
  pusher (= 0.9.2)
  rails (= 3.2.11)
  redis (~> 3)
  rest-client (= 1.6.1)
  rubycas-client!
  sass-rails (= 3.2.4)
  shoulda
  sidekiq (= 2.7.0)
  sinatra
  slim
  spine-rails (= 0.1.0)
  state_machine (= 1.1.2)
  therubyracer (= 0.9.9)
  turn
  uglifier (= 1.2.3)
